PATH
  remote: ../talker
  specs:
    talker (0.0.4)
      eventmachine
      yajl-ruby

GEM
  remote: https://rubygems.org/
  specs:
    eventmachine (1.0.3)
    ffi (1.8.1)
    libnotify (0.8.0)
      ffi (>= 1.0.11)
    yajl-ruby (1.1.0)

PLATFORMS
  ruby

DEPENDENCIES
  libnotify
  talker!
